GEM
  remote: https://rubygems.org/
  specs:
    bluecloth (2.2.0)
    comp_tree (1.1.3)
    drake (0.9.2.0.3.1)
      comp_tree (>= 1.1.3)
    mini_portile (0.6.2)
    mizuho (0.9.20)
      nokogiri (>= 1.4.0)
      sqlite3
    nokogiri (1.6.6.2)
      mini_portile (~> 0.6.0)
    paint (0.9.0)
    rake (10.4.2)
    sqlite3 (1.3.10)

PLATFORMS
  ruby

DEPENDENCIES
  bluecloth
  drake
  mizuho
  paint
  rake
